GEM
  remote: http://rubygems.org/
  specs:
    activemodel (3.2.2)
      activesupport (= 3.2.2)
      builder (~> 3.0.0)
    activerecord (3.2.2)
      activemodel (= 3.2.2)
      activesupport (= 3.2.2)
      arel (~> 3.0.2)
      tzinfo (~> 0.3.29)
    activesupport (3.2.2)
      i18n (~> 0.6)
      multi_json (~> 1.0)
    arel (3.0.2)
    bcrypt-ruby (3.0.1)
    builder (3.0.0)
    haml (3.1.7)
    highline (1.6.15)
    i18n (0.6.1)
    jwt (0.1.5)
      multi_json (>= 1.0)
    multi_json (1.3.6)
    nokogiri (1.5.5)
    pg (0.11.0)
    rack (1.4.1)
    rack-protection (1.2.0)
      rack
    ruby-aws (1.6.0)
      highline (>= 1.2.7)
      nokogiri (>= 1.4)
    shotgun (0.9)
      rack (>= 1.0)
    sinatra (1.3.2)
      rack (~> 1.3, >= 1.3.6)
      rack-protection (~> 1.2)
      tilt (~> 1.3, >= 1.3.3)
    tilt (1.3.3)
    twilio-ruby (3.8.0)
      builder (>= 2.1.2)
      jwt (>= 0.1.2)
      multi_json (>= 1.3.0)
    tzinfo (0.3.32)

PLATFORMS
  ruby

DEPENDENCIES
  activerecord
  bcrypt-ruby
  haml
  pg
  ruby-aws (~> 1.6.0)
  shotgun
  sinatra
  twilio-ruby
